GIT
  remote: https://github.com/nofxx/georuby.git
  revision: 2f76ec16dd06a5b3db12d79a32162c59bf71b01d
  specs:
    georuby (2.5.0)

GEM
  remote: https://rubygems.org/
  specs:
    activesupport (4.1.8)
      i18n (~> 0.6, >= 0.6.9)
      json (~> 1.7, >= 1.7.7)
      minitest (~> 5.1)
      thread_safe (~> 0.1)
      tzinfo (~> 1.1)
    dbf (2.0.7)
      fastercsv (~> 1.5.4)
    diff-lcs (1.2.5)
    dr-ffi-proj4 (0.0.3)
      ffi (>= 1.0.0)
    fastercsv (1.5.5)
    ffi (1.9.6)
    ffi-geos (1.0.0)
      ffi (>= 1.0.0)
    geokit (1.6.7)
      multi_json (>= 1.3.2)
    georuby-ext (0.0.5)
      activesupport (>= 3.2.6)
      dbf
      dr-ffi-proj4 (>= 0.0.3)
      ffi-geos (>= 0.1.1)
      geokit (= 1.6.7)
      georuby (>= 1.9.8)
      rgeo (>= 0.3.20)
    i18n (0.6.11)
    json (1.8.1)
    minitest (5.4.3)
    multi_json (1.10.1)
    rgeo (0.3.20)
    rspec (3.1.0)
      rspec-core (~> 3.1.0)
      rspec-expectations (~> 3.1.0)
      rspec-mocks (~> 3.1.0)
    rspec-core (3.1.7)
      rspec-support (~> 3.1.0)
    rspec-expectations (3.1.2)
      diff-lcs (>= 1.2.0, < 2.0)
      rspec-support (~> 3.1.0)
    rspec-mocks (3.1.3)
      rspec-support (~> 3.1.0)
    rspec-support (3.1.2)
    thread_safe (0.3.4)
    tzinfo (1.2.2)
      thread_safe (~> 0.1)

PLATFORMS
  ruby

DEPENDENCIES
  georuby!
  georuby-ext (= 0.0.5)
  rspec
